PATH
  remote: .
  specs:
    google-events (0.0.1)

GEM
  remote: https://rubygems.org/
  specs:
    ast (2.4.2)
    google-style (1.26.3)
      rubocop (~> 1.31)
    json (2.6.3)
    minitest (5.18.0)
    minitest-focus (1.3.1)
      minitest (>= 4, < 6)
    minitest-rg (5.2.0)
      minitest (~> 5.0)
    parallel (1.23.0)
    parser (3.2.2.1)
      ast (~> 2.4.1)
    rainbow (3.1.1)
    redcarpet (3.6.0)
    regexp_parser (2.8.0)
    rexml (3.2.5)
    rubocop (1.50.2)
      json (~> 2.3)
      parallel (~> 1.10)
      parser (>= 3.2.0.0)
      rainbow (>= 2.2.2, < 4.0)
      regexp_parser (>= 1.8, < 3.0)
      rexml (>= 3.2.5, < 4.0)
      rubocop-ast (>= 1.28.0, < 2.0)
      ruby-progressbar (~> 1.7)
      unicode-display_width (>= 2.4.0, < 3.0)
    rubocop-ast (1.28.0)
      parser (>= 3.2.1.0)
    ruby-progressbar (1.13.0)
    unicode-display_width (2.4.2)
    yard (0.9.34)

PLATFORMS
  x86_64-linux

DEPENDENCIES
  google-events!
  google-style (~> 1.26.3)
  minitest (~> 5.18)
  minitest-focus (~> 1.3)
  minitest-rg (~> 5.2)
  redcarpet (~> 3.6)
  yard (~> 0.9.34)

BUNDLED WITH
   2.4.10
